GEM
  remote: https://rubygems.org/
  specs:
    rack (1.5.0)
    sqlite3 (1.3.7)

PLATFORMS
  ruby

DEPENDENCIES
  rack
  sqlite3
